GEM
  remote: https://rubygems.org/
  specs:
    concurrent-ruby (1.1.6)
    connection_pool (2.2.3)
    hamster (3.0.0)
      concurrent-ruby (~> 1.0)
    link_header (0.0.8)
    mu-auth-sudo (0.1.0)
      sparql-client (~> 3.0.1)
    net-http-persistent (3.1.0)
      connection_pool (~> 2.2)
    rdf (3.1.4)
      hamster (~> 3.0)
      link_header (~> 0.0, >= 0.0.8)
    sparql-client (3.0.1)
      net-http-persistent (>= 2.9, < 4)
      rdf (~> 3.0)

PLATFORMS
  ruby

DEPENDENCIES
  mu-auth-sudo

BUNDLED WITH
   1.16.1
